GEM
  remote: https://rubygems.org/
  specs:
    eventmachine (1.2.0.1)
    http_parser.rb (0.6.0)

PLATFORMS
  ruby

DEPENDENCIES
  eventmachine
  http_parser.rb

BUNDLED WITH
   1.12.5
